GEM
  specs:
    test-unit (2.5.5)

PLATFORMS
  ruby

DEPENDENCIES
  test-unit
